GEM
  remote: https://rubygems.org/
  specs:
    addressable (2.4.0)
    awesome_print (1.6.1)
    aws-sdk (2.2.30)
      aws-sdk-resources (= 2.2.30)
    aws-sdk-core (2.2.30)
      jmespath (~> 1.0)
    aws-sdk-resources (2.2.30)
      aws-sdk-core (= 2.2.30)
    coderay (1.1.0)
    domainatrix (0.0.11)
      addressable
    jmespath (1.1.3)
    method_source (0.8.2)
    pry (0.10.1)
      coderay (~> 1.1.0)
      method_source (~> 0.8.1)
      slop (~> 3.4)
    slop (3.6.0)

PLATFORMS
  ruby

DEPENDENCIES
  awesome_print
  aws-sdk
  domainatrix
  pry

BUNDLED WITH
   1.11.2
